GEM
  remote: https://rubygems.org/
  specs:
    colored (1.2)
    rubycards (0.0.3)
      colored (>= 1.2)

PLATFORMS
  ruby

DEPENDENCIES
  rubycards
